PATH
  remote: .
  specs:
    p8push (1.0.4)
      commander (= 4.4)
      json (= 2.1.0)
      jwt (= 1.5.6)
      net-http2 (= 0.15.0)

GEM
  remote: https://rubygems.org/
  specs:
    commander (4.4.0)
      highline (~> 1.7.2)
    highline (1.7.10)
    http-2 (0.8.2)
    json (2.1.0)
    jwt (1.5.6)
    net-http2 (0.15.0)
      http-2 (= 0.8.2)

PLATFORMS
  ruby

DEPENDENCIES
  p8push!

BUNDLED WITH
   2.0.1
